GEM
  remote: https://rubygems.org/
  specs:
    rack (1.6.0)
    rack-zippy (2.0.2)

PLATFORMS
  ruby

DEPENDENCIES
  rack
  rack-zippy

BUNDLED WITH
   1.17.2
